GEM
  remote: https://rubygems.org/
  specs:
    haml (4.0.6)
      tilt
    rack (1.6.0)
    sinatra (1.1.0)
      rack (~> 1.1)
      tilt (~> 1.1)
    tilt (1.4.1)

PLATFORMS
  ruby

DEPENDENCIES
  haml
  sinatra (= 1.1.0)
